GEM
  remote: https://rubygems.org/
  specs:
    httparty (0.13.3)
      json (~> 1.8)
      multi_xml (>= 0.5.2)
    json (1.8.2)
    multi_xml (0.5.5)
    mysql2 (0.3.17)
    pg (0.18.1)
    pg (0.18.1-x86-mingw32)
    rack (1.6.0)
    rack-protection (1.5.3)
      rack
    rake (10.4.2)
    sequel (4.18.0)
    sinatra (1.4.5)
      rack (~> 1.4)
      rack-protection (~> 1.4)
      tilt (~> 1.3, >= 1.3.4)
    slim (3.0.1)
      temple (~> 0.7.3)
      tilt (>= 1.3.3, < 2.1)
    sqlite3 (1.3.10)
    sqlite3 (1.3.10-x86-mingw32)
    temple (0.7.5)
    tilt (1.4.1)

PLATFORMS
  ruby
  x86-mingw32

DEPENDENCIES
  httparty
  mysql2
  pg
  rake
  sequel
  sinatra
  slim
  sqlite3
